NUGET
  remote: https://www.nuget.org/api/v2
  specs:
    Azure.Batch (3.1) - framework: >= net45
      Hyak.Common (>= 1.0.2) - framework: >= net45
      Microsoft.Azure.Common (>= 2.1) - framework: >= net45
      Microsoft.Data.OData (>= 5.6.2) - framework: >= net45
      WindowsAzure.Storage (>= 4.3) - framework: >= net45
    Hyak.Common (1.0.2) - framework: >= net45
    Microsoft.Azure.Common (2.1) - framework: >= net45
      Hyak.Common (>= 1.0.2)
      Microsoft.Azure.Common.Dependencies (>= 1.0)
    Microsoft.Azure.Common.Dependencies (1.0) - framework: >= net45
      Microsoft.Bcl (>= 1.1.9) - framework: >= net40, portable-net45+wp80+wpa81+win
      Microsoft.Bcl.Async (>= 1.0.168) - framework: >= net40, portable-net45+wp80+wpa81+win
      Microsoft.Bcl.Build (>= 1.0.14) - framework: >= net40, portable-net45+wp80+wpa81+win
      Microsoft.Net.Http (>= 2.2.22) - framework: >= net40, portable-net45+wp80+wpa81+win
      Newtonsoft.Json (>= 6.0.4) - framework: >= net40, portable-net45+wp80+wpa81+win
    Microsoft.Azure.KeyVault.Core (1.0) - framework: >= net40, wpv8.0
    Microsoft.Bcl (1.1.9) - framework: >= net45
      Microsoft.Bcl.Build (>= 1.0.14)
    Microsoft.Bcl.Async (1.0.168) - framework: >= net45
      Microsoft.Bcl (>= 1.1.8)
    Microsoft.Bcl.Build (1.0.14) - import_targets: false, framework: >= net45
    Microsoft.Data.Edm (5.6.4)
    Microsoft.Data.OData (5.6.4)
      Microsoft.Data.Edm (5.6.4)
      System.Spatial (5.6.4)
    Microsoft.Data.Services.Client (5.6.4)
      Microsoft.Data.OData (5.6.4)
    Microsoft.Net.Http (2.2.22) - framework: >= net45
      Microsoft.Bcl (>= 1.1.9)
      Microsoft.Bcl.Build (>= 1.0.14)
    Microsoft.WindowsAzure.ConfigurationManager (1.8) - framework: >= net45
    Newtonsoft.Json (6.0.8)
    System.Spatial (5.6.4)
    WindowsAzure.Storage (6.2)
      Microsoft.Azure.KeyVault.Core (>= 1.0) - framework: >= net40, wpv8.0
      Microsoft.Data.OData (>= 5.6.4) - framework: >= net40, winv4.5, wpv8.0, wpav8.1
      Microsoft.Data.Services.Client (>= 5.6.4) - framework: >= net40
      Newtonsoft.Json (>= 6.0.8) - framework: >= net40, winv4.5, wpv8.0, wpav8.1

GROUP Build
NUGET
  remote: https://www.nuget.org/api/v2
  specs:
    FAKE (4.23)
    FSharp.Compiler.Service (2.0.0.7)
    FSharp.Formatting (2.14)
      FSharp.Compiler.Service (>= 2.0.0.3 < 2.1)
      FSharpVSPowerTools.Core (>= 2.3 < 2.4)
    FSharpVSPowerTools.Core (2.3)
      FSharp.Compiler.Service (>= 2.0.0.3)
    Microsoft.Bcl (1.1.10) - framework: net10, net11, net20, net30, net35, net40, net40-full
      Microsoft.Bcl.Build (>= 1.0.14)
    Microsoft.Bcl.Build (1.0.21) - import_targets: false, framework: net10, net11, net20, net30, net35, net40, net40-full
    Microsoft.Net.Http (2.2.29) - framework: net10, net11, net20, net30, net35, net40, net40-full
      Microsoft.Bcl (>= 1.1.10)
      Microsoft.Bcl.Build (>= 1.0.14)
    Octokit (0.19)
      Microsoft.Net.Http  - framework: net10, net11, net20, net30, net35, net40, net40-full
    SourceLink.Fake (1.1)
GITHUB
  remote: fsharp/FAKE
  specs:
    modules/Octokit/Octokit.fsx (f2214d09beebe85710527900d46f42d1f2ca77b0)
      Octokit
GROUP Test
NUGET
  remote: https://www.nuget.org/api/v2
  specs:
    NUnit (2.6.4)
    NUnit.Runners (2.6.4)
